GEM
  remote: https://rubygems.org/
  specs:
    multi_json (1.12.1)
    rack (1.6.8)
    rack-protection (1.5.3)
      rack
    rack-throttle (0.5.0)
      bundler (>= 1.0.0)
      rack (>= 1.0.0)
    sinatra (1.4.8)
      rack (~> 1.5)
      rack-protection (~> 1.4)
      tilt (>= 1.3, < 3)
    tilt (2.0.8)

PLATFORMS
  ruby

DEPENDENCIES
  multi_json!
  rack-throttle!
  sinatra!

BUNDLED WITH
   1.14.6
